PATH
  remote: .
  specs:
    codes (1.0.0)

PATH
  remote: ruby/fibonacci
  specs:
    ruby-fibonacci (1.0.0)

PATH
  remote: ruby/greeter
  specs:
    ruby-greeter (1.0.0)

PATH
  remote: ruby/hello
  specs:
    ruby-hello (1.0.0)

GEM
  remote: https://rubygems.org/
  specs:
    ast (2.4.2)
    erubi (1.12.0)
    json (2.7.1)
    language_server-protocol (3.17.0.3)
    lint_roller (1.1.0)
    netrc (0.11.0)
    parallel (1.24.0)
    parser (3.2.2.4)
      ast (~> 2.4.1)
      racc
    prettier_print (1.2.1)
    prism (0.19.0)
    racc (1.7.3)
    rainbow (3.1.1)
    rake (13.1.0)
    rbi (0.1.6)
      prism (>= 0.18.0, < 0.20)
      sorbet-runtime (>= 0.5.9204)
    regexp_parser (2.8.3)
    rexml (3.2.6)
    rubocop (1.59.0)
      json (~> 2.3)
      language_server-protocol (>= 3.17.0)
      parallel (~> 1.10)
      parser (>= 3.2.2.4)
      rainbow (>= 2.2.2, < 4.0)
      regexp_parser (>= 1.8, < 3.0)
      rexml (>= 3.2.5, < 4.0)
      rubocop-ast (>= 1.30.0, < 2.0)
      ruby-progressbar (~> 1.7)
      unicode-display_width (>= 2.4.0, < 3.0)
    rubocop-ast (1.30.0)
      parser (>= 3.2.1.0)
    rubocop-performance (1.20.1)
      rubocop (>= 1.48.1, < 2.0)
      rubocop-ast (>= 1.30.0, < 2.0)
    ruby-progressbar (1.13.0)
    sorbet (0.5.11163)
      sorbet-static (= 0.5.11163)
    sorbet-runtime (0.5.11163)
    sorbet-static (0.5.11163-x86_64-linux)
    sorbet-static-and-runtime (0.5.11163)
      sorbet (= 0.5.11163)
      sorbet-runtime (= 0.5.11163)
    spoom (1.2.4)
      erubi (>= 1.10.0)
      sorbet-static-and-runtime (>= 0.5.10187)
      syntax_tree (>= 6.1.1)
      thor (>= 0.19.2)
    standard (1.33.0)
      language_server-protocol (~> 3.17.0.2)
      lint_roller (~> 1.0)
      rubocop (~> 1.59.0)
      standard-custom (~> 1.0.0)
      standard-performance (~> 1.3)
    standard-custom (1.0.2)
      lint_roller (~> 1.0)
      rubocop (~> 1.50)
    standard-performance (1.3.0)
      lint_roller (~> 1.1)
      rubocop-performance (~> 1.20.1)
    syntax_tree (6.2.0)
      prettier_print (>= 1.2.0)
    tapioca (0.11.14)
      bundler (>= 2.2.25)
      netrc (>= 0.11.0)
      parallel (>= 1.21.0)
      rbi (>= 0.1.4, < 0.2)
      sorbet-static-and-runtime (>= 0.5.10187)
      spoom (~> 1.2.0, >= 1.2.0)
      thor (>= 1.2.0)
      yard-sorbet
    thor (1.3.0)
    unicode-display_width (2.5.0)
    yard (0.9.34)
    yard-sorbet (0.8.1)
      sorbet-runtime (>= 0.5)
      yard (>= 0.9)

PLATFORMS
  x86_64-linux

DEPENDENCIES
  codes!
  rake (~> 13.0)
  rubocop
  ruby-fibonacci!
  ruby-greeter!
  ruby-hello!
  sorbet
  sorbet-runtime
  standard
  tapioca

BUNDLED WITH
   2.4.20
